GEM
  remote: https://rubygems.org/
  specs:
    actionmailer (3.2.17)
      actionpack (= 3.2.17)
      mail (~> 2.5.4)
    actionpack (3.2.17)
      activemodel (= 3.2.17)
      activesupport (= 3.2.17)
      builder (~> 3.0.0)
      erubis (~> 2.7.0)
      journey (~> 1.0.4)
      rack (~> 1.4.5)
      rack-cache (~> 1.2)
      rack-test (~> 0.6.1)
      sprockets (~> 2.2.1)
    activemodel (3.2.17)
      activesupport (= 3.2.17)
      builder (~> 3.0.0)
    activerecord (3.2.17)
      activemodel (= 3.2.17)
      activesupport (= 3.2.17)
      arel (~> 3.0.2)
      tzinfo (~> 0.3.29)
    activerecord-postgresql-adapter (0.0.1)
      pg
    activeresource (3.2.17)
      activemodel (= 3.2.17)
      activesupport (= 3.2.17)
    activesupport (3.2.17)
      i18n (~> 0.6, >= 0.6.4)
      multi_json (~> 1.0)
    arel (3.0.3)
    builder (3.0.4)
    coderay (1.1.0)
    coffee-rails (3.2.2)
      coffee-script (>= 2.2.0)
      railties (~> 3.2.0)
    coffee-script (2.3.0)
      coffee-script-source
      execjs
    coffee-script-source (1.8.0)
    erubis (2.7.0)
    execjs (2.2.1)
    haml (4.0.5)
      tilt
    hike (1.2.3)
    i18n (0.6.11)
    interception (0.5)
    journey (1.0.4)
    jquery-rails (3.1.2)
      railties (>= 3.0, < 5.0)
      thor (>= 0.14, < 2.0)
    jquery-ui-rails (4.0.3)
      jquery-rails
      railties (>= 3.1.0)
    jquery-ui-sass-rails (4.0.3.0)
      jquery-rails
      jquery-ui-rails (= 4.0.3)
      railties (>= 3.1.0)
    json (1.8.1)
    kgio (2.9.2)
    mail (2.5.4)
      mime-types (~> 1.16)
      treetop (~> 1.4.8)
    method_source (0.8.2)
    mime-types (1.25.1)
    multi_json (1.10.1)
    pg (0.17.1)
    polyglot (0.3.5)
    pry (0.10.1)
      coderay (~> 1.1.0)
      method_source (~> 0.8.1)
      slop (~> 3.4)
    pry-nav (0.2.4)
      pry (>= 0.9.10, < 0.11.0)
    pry-rescue (1.4.1)
      interception (>= 0.5)
      pry
    rack (1.4.5)
    rack-cache (1.2)
      rack (>= 0.4)
    rack-ssl (1.3.4)
      rack
    rack-test (0.6.2)
      rack (>= 1.0)
    rails (3.2.17)
      actionmailer (= 3.2.17)
      actionpack (= 3.2.17)
      activerecord (= 3.2.17)
      activeresource (= 3.2.17)
      activesupport (= 3.2.17)
      bundler (~> 1.0)
      railties (= 3.2.17)
    railties (3.2.17)
      actionpack (= 3.2.17)
      activesupport (= 3.2.17)
      rack-ssl (~> 1.3.2)
      rake (>= 0.8.7)
      rdoc (~> 3.4)
      thor (>= 0.14.6, < 2.0)
    raindrops (0.13.0)
    rake (10.3.2)
    rdoc (3.12.2)
      json (~> 1.4)
    sass (3.4.3)
    sass-rails (3.2.6)
      railties (~> 3.2.0)
      sass (>= 3.1.10)
      tilt (~> 1.3)
    slop (3.6.0)
    sprockets (2.2.2)
      hike (~> 1.2)
      multi_json (~> 1.0)
      rack (~> 1.0)
      tilt (~> 1.1, != 1.3.0)
    strong_parameters (0.2.3)
      actionpack (~> 3.0)
      activemodel (~> 3.0)
      activesupport (~> 3.0)
      railties (~> 3.0)
    thor (0.19.1)
    tilt (1.4.1)
    treetop (1.4.15)
      polyglot
      polyglot (>= 0.3.1)
    twitter-bootstrap-rails (2.2.8)
      actionpack (>= 3.1)
      execjs
      rails (>= 3.1)
      railties (>= 3.1)
    tzinfo (0.3.41)
    uglifier (2.5.3)
      execjs (>= 0.3.0)
      json (>= 1.8.0)
    unicorn (4.8.3)
      kgio (~> 2.6)
      rack
      raindrops (~> 0.7)
    wicked (1.0.3)
      rails (>= 3.0.7)

PLATFORMS
  ruby

DEPENDENCIES
  activerecord-postgresql-adapter
  coffee-rails (~> 3.2.1)
  haml
  jquery-rails
  jquery-ui-sass-rails (= 4.0.3.0)
  pg
  pry
  pry-nav
  pry-rescue
  rails (= 3.2.17)
  sass-rails (~> 3.2.3)
  strong_parameters
  twitter-bootstrap-rails
  uglifier (>= 1.0.3)
  unicorn
  wicked
